PATH
  remote: .
  specs:
    docker-sync (1.0.0)
      daemons (~> 1.4, >= 1.4.1)
      dotenv (~> 2.8, >= 2.8.1)
      gem_update_checker (~> 0.2.0, >= 0.2.0)
      os (>= 1.0.0)
      terminal-notifier (= 2.0.0)
      thor (~> 1.2, >= 1.2.0)

GEM
  remote: https://rubygems.org/
  specs:
    activesupport (6.1.6.1)
      concurrent-ruby (~> 1.0, >= 1.0.2)
      i18n (>= 1.6, < 2)
      minitest (>= 5.1)
      tzinfo (~> 2.0)
      zeitwerk (~> 2.3)
    coderay (1.1.3)
    concurrent-ruby (1.1.10)
    daemons (1.4.1)
    diff-lcs (1.5.0)
    dotenv (2.8.1)
    gem_update_checker (0.2.0)
    i18n (1.12.0)
      concurrent-ruby (~> 1.0)
    method_source (1.0.0)
    minitest (5.16.3)
    os (1.1.4)
    pry (0.14.1)
      coderay (~> 1.1)
      method_source (~> 1.0)
    rspec (3.11.0)
      rspec-core (~> 3.11.0)
      rspec-expectations (~> 3.11.0)
      rspec-mocks (~> 3.11.0)
    rspec-bash (0.3.0)
      sparsify (~> 1.1)
    rspec-core (3.11.0)
      rspec-support (~> 3.11.0)
    rspec-expectations (3.11.0)
      diff-lcs (>= 1.2.0, < 2.0)
      rspec-support (~> 3.11.0)
    rspec-mocks (3.11.1)
      diff-lcs (>= 1.2.0, < 2.0)
      rspec-support (~> 3.11.0)
    rspec-support (3.11.0)
    sparsify (1.1.0)
    terminal-notifier (2.0.0)
    thor (1.2.1)
    tzinfo (2.0.5)
      concurrent-ruby (~> 1.0)
    zeitwerk (2.6.0)

PLATFORMS
  aarch64-linux
  x86_64-darwin-17
  x86_64-linux

DEPENDENCIES
  activesupport (~> 6.0)
  docker-sync!
  os (>= 1.0.0)
  pry
  rspec
  rspec-bash

BUNDLED WITH
   2.3.21
