GEM
  remote: https://rubygems.org/
  specs:
    backticks (0.5.0)
    docker-compose (0.8.3)
      backticks (~> 0.5)
    gem_update_checker (0.2.0)
    thor (0.19.1)

PLATFORMS
  ruby

DEPENDENCIES
  docker-compose (= 0.8.3)
  gem_update_checker
  thor

BUNDLED WITH
   1.12.1
